GEM
  remote: http://rubygems.org/
  specs:
    rack (1.6.13)
    rack-protection (1.5.5)
      rack
    rake (13.0.1)
    sinatra (1.4.8)
      rack (~> 1.5)
      rack-protection (~> 1.4)
      tilt (>= 1.3, < 3)
    tilt (2.0.10)

PLATFORMS
  ruby

DEPENDENCIES
  rake
  sinatra

BUNDLED WITH
   1.17.2
